GEM
  remote: https://rubygems.org/
  specs:
    builder (3.1.4)
    columnize (0.3.6)
    cql-rb (1.0.0.pre7)
    cucumber (1.2.1)
      builder (>= 2.1.2)
      diff-lcs (>= 1.1.3)
      gherkin (~> 2.11.0)
      json (>= 1.4.6)
    debugger (1.5.0)
      columnize (>= 0.3.1)
      debugger-linecache (~> 1.2.0)
      debugger-ruby_core_source (~> 1.2.0)
    debugger-linecache (1.2.0)
    debugger-ruby_core_source (1.2.0)
    diff-lcs (1.1.3)
    flexmock (0.9.0)
    gherkin (2.11.6)
      json (>= 1.7.6)
    git (1.2.5)
    jeweler (1.8.4)
      bundler (~> 1.0)
      git (>= 1.2.5)
      rake
      rdoc
    json (1.7.7)
    nokogiri (1.5.9)
    rake (0.9.6)
    rdoc (4.0.1)
      json (~> 1.4)
    rspec (2.12.0)
      rspec-core (~> 2.12.0)
      rspec-expectations (~> 2.12.0)
      rspec-mocks (~> 2.12.0)
    rspec-core (2.12.2)
    rspec-expectations (2.12.1)
      diff-lcs (~> 1.1.3)
    rspec-mocks (2.12.2)
    syntax (1.0.0)

PLATFORMS
  ruby

DEPENDENCIES
  cql-rb (~> 1.0.0.pre7)
  cucumber (~> 1.0)
  debugger
  flexmock (~> 0.8)
  jeweler (~> 1.8.3)
  nokogiri (~> 1.5)
  rake (~> 0.9)
  rdoc (>= 2.4.2)
  rspec (~> 2.0)
  syntax (~> 1.0.0)
